GEM
  remote: https://rubygems.org/
  specs:
    hocon (0.9.3)

PLATFORMS
  ruby

DEPENDENCIES
  hocon

BUNDLED WITH
   1.10.6
